GEM
  remote: https://rubygems.org/
  specs:
    colorize (0.8.1)
    faraday (0.14.0)
      multipart-post (>= 1.2, < 3)
    multipart-post (2.0.0)
    mustermann (1.0.1)
    puma (3.11.2)
    rack (2.0.3)
    rack-protection (2.0.0)
      rack
    sinatra (2.0.0)
      mustermann (~> 1.0)
      rack (~> 2.0)
      rack-protection (= 2.0.0)
      tilt (~> 2.0)
    tilt (2.0.8)

PLATFORMS
  ruby

DEPENDENCIES
  colorize (~> 0.8.1)
  faraday (~> 0.14.0)
  puma (~> 3.11, >= 3.11.2)
  sinatra (~> 2.0)

BUNDLED WITH
   1.16.1
